GEM
  remote: https://rubygems.org/
  specs:
    autotest (4.1.4)
    commander (3.3.0)
      highline (>= 1.5.0)
    highline (1.7.8)

PLATFORMS
  ruby

DEPENDENCIES
  autotest (= 4.1.4)
  commander (~> 3.0)

BUNDLED WITH
   1.10.6
